NUGET
  remote: https://www.nuget.org/api/v2
    FSharp.Compiler.Tools (4.1.23) - restriction: >= net45
    FSharp.Core (4.1.18) - restriction: >= net45
    System.ValueTuple (4.3) - restriction: >= net45
