NUGET
  remote: https://www.nuget.org/api/v2
    FSharp.Compiler.Tools (4.1.23) - restriction: >= net45
    FSharp.Control.AsyncSeq (2.0.18)
    FSharp.Core (4.1.18)
    FSharpx.Async (1.13.2)
      FSharp.Control.AsyncSeq
      FSharp.Core
    FSharpx.Collections (1.17)
      FSharp.Core
    FSharpx.Extras (2.2.1)
      FSharpx.Async
      FSharpx.Collections
    System.ValueTuple (4.3) - restriction: >= net45
    ZFS-Tools (0.0.1)
